PATH
  remote: .
  specs:
    smarts_api (0.0.1)
      active_support
      typhoeus

GEM
  remote: https://rubygems.org/
  specs:
    active_support (3.0.0)
      activesupport (= 3.0.0)
    activesupport (3.0.0)
    diff-lcs (1.2.4)
    ethon (0.6.1)
      ffi (>= 1.3.0)
      mime-types (~> 1.18)
    ffi (1.9.0)
    mime-types (1.25)
    rspec (2.14.1)
      rspec-core (~> 2.14.0)
      rspec-expectations (~> 2.14.0)
      rspec-mocks (~> 2.14.0)
    rspec-core (2.14.5)
    rspec-expectations (2.14.2)
      diff-lcs (>= 1.1.3, < 2.0)
    rspec-mocks (2.14.3)
    typhoeus (0.6.5)
      ethon (~> 0.6.1)

PLATFORMS
  ruby

DEPENDENCIES
  rspec (~> 2.14.1)
  smarts_api!
